GEM
  remote: https://rubygems.org/
  specs:
    addressable (2.3.6)
    backburner (0.4.6)
      beaneater (~> 0.3.1)
      dante (~> 0.1.5)
    beaneater (0.3.3)
    builder (3.2.2)
    cookiejar (0.3.2)
    daemons (1.1.9)
    dante (0.1.5)
    em-http-request (1.1.2)
      addressable (>= 2.3.4)
      cookiejar
      em-socksify (>= 0.3)
      eventmachine (>= 1.0.3)
      http_parser.rb (>= 0.6.0)
    em-socksify (0.3.0)
      eventmachine (>= 1.0.0.beta.4)
    eventmachine (1.0.3)
    faye (1.0.3)
      cookiejar (>= 0.3.0)
      em-http-request (>= 0.3.0)
      eventmachine (>= 0.12.0)
      faye-websocket (>= 0.7.0)
      multi_json (>= 1.0.0)
      rack (>= 1.0.0)
      websocket-driver (>= 0.3.0)
    faye-websocket (0.9.0)
      eventmachine (>= 0.12.0)
      websocket-driver (>= 0.5.0)
    http_parser.rb (0.6.0)
    jwt (1.0.0)
    multi_json (1.10.1)
    rack (1.5.2)
    rack-protection (1.5.3)
      rack
    sinatra (1.4.5)
      rack (~> 1.4)
      rack-protection (~> 1.4)
      tilt (~> 1.3, >= 1.3.4)
    thin (1.6.3)
      daemons (~> 1.0, >= 1.0.9)
      eventmachine (~> 1.0)
      rack (~> 1.0)
    tilt (1.4.1)
    twilio-ruby (3.14.2)
      builder (>= 2.1.2)
      jwt (~> 1.0.0)
      multi_json (>= 1.3.0)
    websocket-driver (0.5.0)
      websocket-extensions (>= 0.1.0)
    websocket-extensions (0.1.1)

PLATFORMS
  ruby

DEPENDENCIES
  backburner
  eventmachine
  faye
  sinatra
  thin
  twilio-ruby
